GEM
  remote: https://rubygems.org/
  specs:
    concurrent-ruby (1.2.2)
    delivery_boy (1.1.0)
      king_konf (~> 1.0)
      ruby-kafka (~> 1.0)
    digest-crc (0.6.4)
      rake (>= 12.0.0, < 14.0.0)
    dry-configurable (0.16.1)
      dry-core (~> 0.6)
      zeitwerk (~> 2.6)
    dry-container (0.11.0)
      concurrent-ruby (~> 1.0)
    dry-core (0.9.1)
      concurrent-ruby (~> 1.0)
      zeitwerk (~> 2.6)
    dry-events (0.4.0)
      concurrent-ruby (~> 1.0)
      dry-core (~> 0.9, >= 0.9)
    dry-inflector (0.3.0)
    dry-initializer (3.1.1)
    dry-logic (1.3.0)
      concurrent-ruby (~> 1.0)
      dry-core (~> 0.9, >= 0.9)
      zeitwerk (~> 2.6)
    dry-monitor (0.7.0)
      dry-configurable (~> 0.16, >= 0.16.0)
      dry-core (~> 0.9, >= 0.9)
      dry-events (~> 0.4, >= 0.4.0)
    dry-schema (1.11.3)
      concurrent-ruby (~> 1.0)
      dry-configurable (~> 0.16, >= 0.16)
      dry-core (~> 0.9, >= 0.9)
      dry-initializer (~> 3.0)
      dry-logic (~> 1.3)
      dry-types (~> 1.6)
      zeitwerk (~> 2.6)
    dry-types (1.6.1)
      concurrent-ruby (~> 1.0)
      dry-container (~> 0.3)
      dry-core (~> 0.9, >= 0.9)
      dry-inflector (~> 0.1, >= 0.1.2)
      dry-logic (~> 1.3, >= 1.3)
      zeitwerk (~> 2.6)
    dry-validation (1.9.0)
      concurrent-ruby (~> 1.0)
      dry-container (~> 0.7, >= 0.7.1)
      dry-core (~> 0.9, >= 0.9)
      dry-initializer (~> 3.0)
      dry-schema (~> 1.11, >= 1.11.0)
      zeitwerk (~> 2.6)
    envlogic (1.1.5)
      dry-inflector (~> 0.1)
    karafka (1.4.14)
      concurrent-ruby
      dry-configurable (~> 0.16)
      dry-inflector (~> 0.2)
      dry-monitor (~> 0.5)
      dry-validation (~> 1.7)
      envlogic (~> 1.1)
      ruby-kafka (>= 1.3.0)
      thor (>= 1.1)
      waterdrop (~> 1.4)
      zeitwerk (~> 2.6)
    king_konf (1.0.1)
    rake (13.0.6)
    ruby-kafka (1.5.0)
      digest-crc
    thor (1.2.1)
    waterdrop (1.4.4)
      delivery_boy (>= 0.2, < 2.x)
      dry-configurable (~> 0.13)
      dry-monitor (~> 0.5)
      dry-validation (~> 1.7)
      ruby-kafka (>= 1.3.0)
      zeitwerk (~> 2.4)
    zeitwerk (2.6.7)

PLATFORMS
  x86_64-darwin-21

DEPENDENCIES
  karafka (< 2.0.0)

BUNDLED WITH
   2.4.7
